GEM
  remote: https://rubygems.org/
  specs:
    excon (0.105.0)
    minitest (5.20.0)
    minitest-focus (1.4.0)
      minitest (>= 4, < 6)
    nokogiri (1.15.5-arm64-darwin)
      racc (~> 1.4)
    parallel (1.23.0)
    progressbar (1.13.0)
    racc (1.7.3)
    reverse_markdown (2.1.1)
      nokogiri

PLATFORMS
  arm64-darwin-22

DEPENDENCIES
  excon
  minitest
  minitest-focus
  nokogiri
  parallel
  progressbar
  reverse_markdown

BUNDLED WITH
   2.4.6
